GEM
  remote: http://rubygems.org/
  specs:
    oj (3.13.2)

PLATFORMS
  x86_64-linux

DEPENDENCIES
  oj (~> 3.13, >= 3.13.2)

BUNDLED WITH
   2.2.3
